GEM
  remote: http://rubygems.org/
  specs:
    chronic_duration (0.10.2)
      numerizer (~> 0.1.1)
    lumberjack (1.0.4)
    lumberjack_syslog_device (1.0.0)
      lumberjack (~> 1.0)
    mini_portile2 (2.5.1)
    nokogiri (1.11.4)
      mini_portile2 (~> 2.5.0)
      racc (~> 1.4)
    nokogiri-happymapper (0.5.8)
      nokogiri (~> 1.5)
    numerizer (0.1.1)
    racc (1.5.2)
    rake (10.1.1)
    require_all (1.3.2)
    test-unit (2.5.5)

PLATFORMS
  ruby

DEPENDENCIES
  chronic_duration
  lumberjack
  lumberjack_syslog_device
  nokogiri-happymapper
  rake
  require_all
  test-unit
